GIT
  remote: git://github.com/mitchellh/vagrant.git
  revision: 97c8ae777772119aae4c04f0f76f9b96127e2989
  tag: v1.9.4
  specs:
    vagrant (1.9.4)
      childprocess (~> 0.6.0)
      erubis (~> 2.7.0)
      hashicorp-checkpoint (~> 0.1.1)
      i18n (>= 0.6.0, <= 0.8.0)
      listen (~> 3.1.5)
      log4r (~> 1.1.9, < 1.1.11)
      net-scp (~> 1.2.0)
      net-sftp (~> 2.1)
      net-ssh (~> 4.1.0)
      nokogiri (~> 1.7.1)
      rb-kqueue (~> 0.2.0)
      rest-client (>= 1.6.0, < 3.0)
      ruby_dep (<= 1.3.1)
      wdm (~> 0.1.0)
      winrm (~> 2.1)
      winrm-elevated (~> 1.1)
      winrm-fs (~> 1.0)

PATH
  remote: .
  specs:
    vagrant-openstack-cloud-provider (1.2.0)
      fog-openstack (~> 0.1.29)
      promise (~> 0.3.1)

GEM
  remote: https://rubygems.org/
  specs:
    builder (3.2.3)
    childprocess (0.6.3)
      ffi (~> 1.0, >= 1.0.11)
    diff-lcs (1.3)
    docile (1.3.1)
    domain_name (0.5.20180417)
      unf (>= 0.0.5, < 1.0.0)
    erubis (2.7.0)
    excon (0.62.0)
    ffi (1.9.25)
    fog-core (1.45.0)
      builder
      excon (~> 0.58)
      formatador (~> 0.2)
    fog-json (1.2.0)
      fog-core
      multi_json (~> 1.10)
    fog-openstack (0.1.29)
      fog-core (~> 1.45.0)
      fog-json (>= 1.0)
      ipaddress (>= 0.8)
    formatador (0.2.5)
    gssapi (1.2.0)
      ffi (>= 1.0.1)
    gyoku (1.3.1)
      builder (>= 2.1.2)
    hashicorp-checkpoint (0.1.5)
    http-cookie (1.0.3)
      domain_name (~> 0.5)
    httpclient (2.8.3)
    i18n (0.8.0)
    ipaddress (0.8.3)
    json (2.1.0)
    listen (3.1.5)
      rb-fsevent (~> 0.9, >= 0.9.4)
      rb-inotify (~> 0.9, >= 0.9.7)
      ruby_dep (~> 1.2)
    little-plugger (1.1.4)
    log4r (1.1.10)
    logging (2.2.2)
      little-plugger (~> 1.1)
      multi_json (~> 1.10)
    mime-types (3.2.2)
      mime-types-data (~> 3.2015)
    mime-types-data (3.2018.0812)
    mini_portile2 (2.1.0)
    multi_json (1.13.1)
    net-scp (1.2.1)
      net-ssh (>= 2.6.5)
    net-sftp (2.1.2)
      net-ssh (>= 2.6.5)
    net-ssh (4.1.0)
    netrc (0.11.0)
    nokogiri (1.7.2)
      mini_portile2 (~> 2.1.0)
    nori (2.6.0)
    promise (0.3.1)
    rake (10.5.0)
    rb-fsevent (0.10.3)
    rb-inotify (0.9.10)
      ffi (>= 0.5.0, < 2)
    rb-kqueue (0.2.5)
      ffi (>= 0.5.0)
    rest-client (2.0.2)
      http-cookie (>= 1.0.2, < 2.0)
      mime-types (>= 1.16, < 4.0)
      netrc (~> 0.8)
    rspec (3.5.0)
      rspec-core (~> 3.5.0)
      rspec-expectations (~> 3.5.0)
      rspec-mocks (~> 3.5.0)
    rspec-core (3.5.4)
      rspec-support (~> 3.5.0)
    rspec-expectations (3.5.0)
      diff-lcs (>= 1.2.0, < 2.0)
      rspec-support (~> 3.5.0)
    rspec-mocks (3.5.0)
      diff-lcs (>= 1.2.0, < 2.0)
      rspec-support (~> 3.5.0)
    rspec-support (3.5.0)
    ruby_dep (1.3.1)
    rubyntlm (0.6.2)
    rubyzip (1.2.2)
    simplecov (0.16.1)
      docile (~> 1.1)
      json (>= 1.8, < 3)
      simplecov-html (~> 0.10.0)
    simplecov-html (0.10.2)
    unf (0.1.4)
      unf_ext
    unf_ext (0.0.7.5)
    wdm (0.1.1)
    winrm (2.3.0)
      builder (>= 2.1.2)
      erubis (~> 2.7)
      gssapi (~> 1.2)
      gyoku (~> 1.0)
      httpclient (~> 2.2, >= 2.2.0.2)
      logging (>= 1.6.1, < 3.0)
      nori (~> 2.0)
      rubyntlm (~> 0.6.0, >= 0.6.1)
    winrm-elevated (1.1.0)
      winrm (~> 2.0)
      winrm-fs (~> 1.0)
    winrm-fs (1.3.1)
      erubis (~> 2.7)
      logging (>= 1.6.1, < 3.0)
      rubyzip (~> 1.1)
      winrm (~> 2.0)

PLATFORMS
  ruby

DEPENDENCIES
  rake (< 11.0)
  rspec (~> 3.5.0)
  simplecov
  vagrant!
  vagrant-openstack-cloud-provider!

BUNDLED WITH
   1.16.3
